GEM
  remote: http://rubygems.org/
  specs:
    activesupport (3.1.0)
      multi_json (~> 1.0)
    blankslate (2.1.2.4)
    bluepill (0.0.44)
      activesupport (>= 2.3.4)
      blankslate (>= 2.1.2.2)
      daemons (>= 1.0.9)
      state_machine (>= 0.8.0)
    crack (0.1.8)
    daemons (1.1.4)
    diff-lcs (1.1.3)
    git (1.2.5)
    hipchat (0.3.0)
      httparty
    httparty (0.7.8)
      crack (= 0.1.8)
    i18n (0.6.0)
    jeweler (1.6.4)
      bundler (~> 1.0)
      git (>= 1.2.5)
      rake
    multi_json (1.0.3)
    rake (0.9.2)
    rspec (2.6.0)
      rspec-core (~> 2.6.0)
      rspec-expectations (~> 2.6.0)
      rspec-mocks (~> 2.6.0)
    rspec-core (2.6.4)
    rspec-expectations (2.6.0)
      diff-lcs (~> 1.1.2)
    rspec-mocks (2.6.0)
    shoulda (2.11.3)
    state_machine (1.0.2)
    timecop (0.3.5)

PLATFORMS
  ruby

DEPENDENCIES
  bluepill
  bundler (~> 1.0.0)
  hipchat
  i18n
  jeweler (~> 1.6.4)
  rspec
  shoulda
  timecop
